GEM
  remote: http://rubygems.org/
  specs:
    Platform (0.4.0)
    activesupport (3.0.4)
    awesome_print (0.3.2)
    aws-s3 (0.6.2)
      builder
      mime-types
      xml-simple
    builder (3.0.0)
    chronic (0.3.0)
    configuration (1.2.0)
    delorean (0.2.1)
      chronic
    diff-lcs (1.1.2)
    heroku (1.17.10)
      json (~> 1.4.6)
      launchy (~> 0.3.2)
      rest-client (>= 1.4.0, < 1.7.0)
    highlight (1.1.2)
      activesupport (>= 2.0.0)
    hirb (0.3.6)
    i18n (0.5.0)
    json (1.4.6)
    launchy (0.3.7)
      configuration (>= 0.0.5)
      rake (>= 0.8.1)
    looksee (0.2.1)
    mime-types (1.16)
    mustache (0.12.0)
    rake (0.8.7)
    rdiscount (1.6.8)
    rest-client (1.6.1)
      mime-types (>= 1.16)
    rocco (0.5)
      mustache
      rdiscount
    rspec (2.5.0)
      rspec-core (~> 2.5.0)
      rspec-expectations (~> 2.5.0)
      rspec-mocks (~> 2.5.0)
    rspec-core (2.5.1)
    rspec-expectations (2.5.0)
      diff-lcs (~> 1.1.2)
    rspec-mocks (2.5.0)
    steak (1.1.0)
      rspec (>= 1.3)
    utility_belt (1.1.0)
      Platform (>= 0.4.0)
      aws-s3 (>= 0.4.0)
      wirble (>= 0.1.2)
    wirble (0.1.3)
    xml-simple (1.0.14)

PLATFORMS
  ruby

DEPENDENCIES
  awesome_print
  bundler
  chronic
  delorean
  heroku
  highlight
  hirb
  i18n
  launchy
  looksee
  rake
  rdiscount
  rocco
  rspec
  steak
  utility_belt
  wirble
